PATH
  remote: .
  specs:
    grokdown (0.2.1)
      commonmarker (~> 0.20.1)

GEM
  remote: https://rubygems.org/
  specs:
    commonmarker (0.20.2)
      ruby-enum (~> 0.5)
    concurrent-ruby (1.2.3)
    i18n (1.14.4)
      concurrent-ruby (~> 1.0)
    rake (13.2.1)
    ruby-enum (0.9.0)
      i18n

PLATFORMS
  x86_64-darwin-22

DEPENDENCIES
  bundler
  grokdown!
  rake

BUNDLED WITH
   2.4.12
